GEM
  remote: http://rubygems.org/
  specs:
    ZenTest (4.6.0)
    abstract (1.0.0)
    actionmailer (3.0.1)
      actionpack (= 3.0.1)
      mail (~> 2.2.5)
    actionpack (3.0.1)
      activemodel (= 3.0.1)
      activesupport (= 3.0.1)
      builder (~> 2.1.2)
      erubis (~> 2.6.6)
      i18n (~> 0.4.1)
      rack (~> 1.2.1)
      rack-mount (~> 0.6.12)
      rack-test (~> 0.5.4)
      tzinfo (~> 0.3.23)
    activemerchant (1.16.0)
      activesupport (>= 2.3.11)
      braintree (>= 2.0.0)
      builder (>= 2.0.0)
      json (>= 1.5.1)
    activemodel (3.0.1)
      activesupport (= 3.0.1)
      builder (~> 2.1.2)
      i18n (~> 0.4.1)
    activerecord (3.0.1)
      activemodel (= 3.0.1)
      activesupport (= 3.0.1)
      arel (~> 1.0.0)
      tzinfo (~> 0.3.23)
    activeresource (3.0.1)
      activemodel (= 3.0.1)
      activesupport (= 3.0.1)
    activesupport (3.0.1)
    annotate-models (1.0.4)
    arel (1.0.1)
      activesupport (~> 3.0.0)
    autotest (4.4.6)
      ZenTest (>= 4.4.1)
    aws-s3 (0.6.2)
      builder
      mime-types
      xml-simple
    braintree (2.10.2)
      builder (>= 2.0.0)
    builder (2.1.2)
    cocaine (0.1.0)
    diff-lcs (1.1.2)
    erubis (2.6.6)
      abstract (>= 1.0.0)
    factory_girl (1.3.3)
    factory_girl_rails (1.0)
      factory_girl (~> 1.3)
      rails (>= 3.0.0.beta4)
    faker (0.3.1)
    geocoder (1.0.2)
    gravatar_image_tag (0.1.0)
    i18n (0.4.2)
    jquery-rails (1.0.12)
      railties (~> 3.0)
      thor (~> 0.14)
    json (1.5.3)
    mail (2.2.19)
      activesupport (>= 2.3.6)
      i18n (>= 0.4.0)
      mime-types (~> 1.16)
      treetop (~> 1.4.8)
    meta_search (0.9.8)
      actionpack (~> 3.0.0)
      activerecord (~> 3.0.0)
      activesupport (~> 3.0.0)
      arel (~> 1.0.1)
    mime-types (1.16)
    mocha (0.9.12)
    nifty-generators (0.4.6)
    nokogiri (1.5.0)
    paperclip (2.3.16)
      activerecord (>= 2.3.0)
      activesupport (>= 2.3.2)
      cocaine (>= 0.0.2)
      mime-types
    polyglot (0.3.2)
    rack (1.2.3)
    rack-mount (0.6.14)
      rack (>= 1.0.0)
    rack-test (0.5.7)
      rack (>= 1.0)
    rails (3.0.1)
      actionmailer (= 3.0.1)
      actionpack (= 3.0.1)
      activerecord (= 3.0.1)
      activeresource (= 3.0.1)
      activesupport (= 3.0.1)
      bundler (~> 1.0.0)
      railties (= 3.0.1)
    railties (3.0.1)
      actionpack (= 3.0.1)
      activesupport (= 3.0.1)
      rake (>= 0.8.4)
      thor (~> 0.14.0)
    rake (0.9.2)
    rmagick (2.13.1)
    rspec (2.6.0)
      rspec-core (~> 2.6.0)
      rspec-expectations (~> 2.6.0)
      rspec-mocks (~> 2.6.0)
    rspec-core (2.6.4)
    rspec-expectations (2.6.0)
      diff-lcs (~> 1.1.2)
    rspec-mocks (2.6.0)
    rspec-rails (2.6.1)
      actionpack (~> 3.0)
      activesupport (~> 3.0)
      railties (~> 3.0)
      rspec (~> 2.6.0)
    spork (0.8.4)
    sqlite3-ruby (1.2.5)
    thor (0.14.6)
    treetop (1.4.10)
      polyglot
      polyglot (>= 0.3.1)
    tzinfo (0.3.29)
    webrat (0.7.1)
      nokogiri (>= 1.2.0)
      rack (>= 1.0)
      rack-test (>= 0.5.3)
    will_paginate (3.0.pre)
    xml-simple (1.1.0)

PLATFORMS
  ruby

DEPENDENCIES
  activemerchant
  annotate-models (= 1.0.4)
  autotest
  aws-s3
  factory_girl_rails (= 1.0)
  faker (= 0.3.1)
  geocoder
  gravatar_image_tag (= 0.1.0)
  jquery-rails (>= 1.0.12)
  meta_search
  mocha
  nifty-generators
  paperclip (~> 2.3)
  rails (= 3.0.1)
  rake (= 0.9.2)
  rmagick
  rspec (= 2.6.0)
  rspec-rails (= 2.6.1)
  spork (= 0.8.4)
  sqlite3-ruby (= 1.2.5)
  webrat (= 0.7.1)
  will_paginate (= 3.0.pre)
